GEM
  remote: https://rubygems.org/
  specs:
    addressable (2.8.1)
      public_suffix (>= 2.0.2, < 6.0)
    crack (0.4.5)
      rexml
    debug (1.7.1)
      irb (>= 1.5.0)
      reline (>= 0.3.1)
    docile (1.4.0)
    hashdiff (1.0.1)
    http-2-next (0.5.1)
    httpx (0.22.4)
      http-2-next (>= 0.4.1)
    io-console (0.6.0)
    irb (1.6.2)
      reline (>= 0.3.0)
    m (1.6.1)
      method_source (>= 0.6.7)
      rake (>= 0.9.2.2)
    method_source (1.0.0)
    minitest (5.17.0)
    mocha (2.0.2)
      ruby2_keywords (>= 0.0.5)
    mustermann (3.0.0)
      ruby2_keywords (~> 0.0.1)
    nio4r (2.5.8)
    public_suffix (5.0.1)
    puma (6.1.1)
      nio4r (~> 2.0)
    rack (2.2.6.2)
    rack-protection (3.0.5)
      rack
    rake (13.0.6)
    reline (0.3.2)
      io-console (~> 0.5)
    rexml (3.2.5)
    ruby2_keywords (0.0.5)
    simplecov (0.22.0)
      docile (~> 1.1)
      simplecov-html (~> 0.11)
      simplecov_json_formatter (~> 0.1)
    simplecov-html (0.12.3)
    simplecov_json_formatter (0.1.4)
    sinatra (3.0.5)
      mustermann (~> 3.0)
      rack (~> 2.2, >= 2.2.4)
      rack-protection (= 3.0.5)
      tilt (~> 2.0)
    tilt (2.1.0)
    webmock (3.18.1)
      addressable (>= 2.8.0)
      crack (>= 0.3.2)
      hashdiff (>= 0.4.0, < 2.0.0)

PLATFORMS
  arm64-darwin-22

DEPENDENCIES
  debug
  httpx
  m
  minitest
  mocha
  puma
  rack (~> 2.2.4)
  rake
  simplecov
  sinatra
  webmock

BUNDLED WITH
   2.4.6
