GEM
  remote: https://rubygems.org/
  specs:
    debug (1.7.1)
      irb (>= 1.5.0)
      reline (>= 0.3.1)
    docile (1.4.0)
    http-2-next (0.5.1)
    httpx (0.22.4)
      http-2-next (>= 0.4.1)
    io-console (0.6.0)
    irb (1.6.2)
      reline (>= 0.3.0)
    minitest (5.17.0)
    mustermann (3.0.0)
      ruby2_keywords (~> 0.0.1)
    nio4r (2.5.8)
    puma (6.1.1)
      nio4r (~> 2.0)
    rack (2.2.6.2)
    rack-protection (3.0.5)
      rack
    rake (13.0.6)
    reline (0.3.2)
      io-console (~> 0.5)
    ruby2_keywords (0.0.5)
    simplecov (0.22.0)
      docile (~> 1.1)
      simplecov-html (~> 0.11)
      simplecov_json_formatter (~> 0.1)
    simplecov-html (0.12.3)
    simplecov_json_formatter (0.1.4)
    sinatra (3.0.5)
      mustermann (~> 3.0)
      rack (~> 2.2, >= 2.2.4)
      rack-protection (= 3.0.5)
      tilt (~> 2.0)
    tilt (2.1.0)

PLATFORMS
  arm64-darwin-22

DEPENDENCIES
  debug
  httpx
  minitest
  puma
  rack (~> 2.2.4)
  rake
  simplecov
  sinatra

BUNDLED WITH
   2.4.6
